GIT
  remote: git://github.com/conceptric/yahoo-api.git
  revision: f97d8551b84c019b9f7bb13b1f0878015c5fc88b
  specs:
    yahoo-api (0.0.3)
      json
      rake

GEM
  remote: https://rubygems.org/
  specs:
    activesupport (3.2.8)
      i18n (~> 0.6)
      multi_json (~> 1.0)
    addressable (2.2.8)
    bouncy-castle-java (1.5.0146.1)
    capistrano (2.12.0)
      highline
      net-scp (>= 1.0.0)
      net-sftp (>= 2.0.0)
      net-ssh (>= 2.0.14)
      net-ssh-gateway (>= 1.1.0)
    chronic (0.6.7)
    crack (0.3.1)
    diff-lcs (1.1.3)
    highline (1.6.13)
    i18n (0.6.0)
    jruby-openssl (0.7.7)
      bouncy-castle-java (>= 1.5.0146.1)
    json (1.7.3)
    json (1.7.3-java)
    multi_json (1.3.6)
    net-scp (1.0.4)
      net-ssh (>= 1.99.1)
    net-sftp (2.0.5)
      net-ssh (>= 2.0.9)
    net-ssh (2.5.2)
    net-ssh-gateway (1.1.0)
      net-ssh (>= 1.99.1)
    rake (13.0.1)
    rspec (2.10.0)
      rspec-core (~> 2.10.0)
      rspec-expectations (~> 2.10.0)
      rspec-mocks (~> 2.10.0)
    rspec-core (2.10.1)
    rspec-expectations (2.10.0)
      diff-lcs (~> 1.1.3)
    rspec-mocks (2.10.1)
    rvm (1.11.3.5)
    rvm-capistrano (1.2.3)
      capistrano (>= 2.0.0)
    vcr (2.2.2)
    webmock (1.8.7)
      addressable (>= 2.2.7)
      crack (>= 0.1.7)
    whenever (0.7.3)
      activesupport (>= 2.3.4)
      chronic (~> 0.6.3)

PLATFORMS
  java
  ruby

DEPENDENCIES
  capistrano (= 2.12.0)
  jruby-openssl
  json
  rake
  rspec
  rvm (= 1.11.3.5)
  rvm-capistrano (= 1.2.3)
  vcr
  webmock
  whenever
  yahoo-api!
